GEM
  remote: https://rubygems.org/
  specs:
    i18n (0.6.5)
    mini_portile (0.5.2)
    minitest (5.0.8)
    nokogiri (1.6.0)
      mini_portile (~> 0.5.0)

PLATFORMS
  ruby

DEPENDENCIES
  i18n
  minitest
  nokogiri
